GEM
  remote: https://rubygems.org/
  specs:
    dotenv (2.1.1)
    nexmo (4.2.0)
    rack (1.6.4)
    rack-flash3 (1.0.5)
      rack
    rack-protection (1.5.3)
      rack
    shotgun (0.9.1)
      rack (>= 1.0)
    sinatra (1.4.7)
      rack (~> 1.5)
      rack-protection (~> 1.4)
      tilt (>= 1.3, < 3)
    tilt (2.0.5)

PLATFORMS
  ruby

DEPENDENCIES
  dotenv
  nexmo
  rack-flash3
  shotgun
  sinatra

BUNDLED WITH
   1.12.5
